GIT
  remote: https://github.com/settinghead/domainatrix.git
  revision: 15c7ba12b0c8890c790887a1f32fb4f319ef3908
  specs:
    domainatrix (0.0.11)
      addressable

PATH
  remote: .
  specs:
    url-analyzer (0.0.2)

GEM
  remote: https://rubygems.org/
  specs:
    addressable (2.3.5)
    diff-lcs (1.2.4)
    rake (10.1.0)
    rspec (2.14.1)
      rspec-core (~> 2.14.0)
      rspec-expectations (~> 2.14.0)
      rspec-mocks (~> 2.14.0)
    rspec-core (2.14.5)
    rspec-expectations (2.14.3)
      diff-lcs (>= 1.1.3, < 2.0)
    rspec-mocks (2.14.3)

PLATFORMS
  ruby

DEPENDENCIES
  addressable (>= 2.3.5)
  bundler (~> 1.3)
  domainatrix!
  rake
  rspec (= 2.14.1)
  url-analyzer!
