GIT
  remote: https://github.com/settinghead/domainatrix.git
  revision: 15c7ba12b0c8890c790887a1f32fb4f319ef3908
  specs:
    domainatrix (0.0.11)
      addressable

PATH
  remote: .
  specs:
    url-identifier (0.0.2)

GEM
  remote: https://rubygems.org/
  specs:
    addressable (2.3.5)
    coveralls (0.7.0)
      multi_json (~> 1.3)
      rest-client
      simplecov (>= 0.7)
      term-ansicolor
      thor
    diff-lcs (1.2.4)
    mime-types (1.25)
    multi_json (1.8.1)
    rake (10.1.0)
    rest-client (1.6.7)
      mime-types (>= 1.16)
    rspec (2.14.1)
      rspec-core (~> 2.14.0)
      rspec-expectations (~> 2.14.0)
      rspec-mocks (~> 2.14.0)
    rspec-core (2.14.5)
    rspec-expectations (2.14.3)
      diff-lcs (>= 1.1.3, < 2.0)
    rspec-mocks (2.14.3)
    simplecov (0.7.1)
      multi_json (~> 1.0)
      simplecov-html (~> 0.7.1)
    simplecov-html (0.7.1)
    term-ansicolor (1.2.2)
      tins (~> 0.8)
    thor (0.18.1)
    tins (0.11.0)

PLATFORMS
  ruby

DEPENDENCIES
  addressable (>= 2.3.5)
  bundler (~> 1.3)
  coveralls
  domainatrix!
  rake
  rspec (= 2.14.1)
  url-identifier!
